GEM
  remote: http://rubygems.org/
  specs:
    rubyzip (0.9.9)
    thor (0.16.0)

PLATFORMS
  ruby

DEPENDENCIES
  rubyzip
  thor
